{"Modality":"MR","MagneticFieldStrength":3,"ImagingFrequency":127.8,"Manufacturer":"GE","PulseSequenceName":"epi","InternalPulseSequenceName":"EPI","ManufacturersModelName":"SIGNA Premier","InstitutionName":"Stanford University","DeviceSerialNumber":"00000650723PSYMR","BodyPartExamined":"EXTREMITY","PatientPosition":"HFS","SoftwareVersions":"27\\LX\\MR Software release:RX27.0_R01_1750.a","MRAcquisitionType":"2D","SeriesDescription":"VWFAFOV7","ProtocolName":"VWFAFOV7","ScanningSequence":"EP\\RM","SequenceVariant":"NONE","ScanOptions":"SAT_GEMS\\EDR_GEMS\\MP_GEMS\\EPI_GEMS\\HYPERBAND_GEMS\\FS","ImageType":["ORIGINAL","PRIMARY","OTHER"],"SeriesNumber":16,"AcquisitionTime":"17:13:39.000000","AcquisitionNumber":1,"TriggerDelayTime":344470,"SliceThickness":2.4,"SpacingBetweenSlices":2.4,"SAR":0.100893,"EchoTime":0.03,"RepetitionTime":1.19,"FlipAngle":62,"CoilString":"RM:Nova32ch","MultibandAccelerationFactor":3,"PercentPhaseFOV":100,"PercentSampling":100,"AcquisitionMatrixPE":84,"ReconMatrixPE":84,"EffectiveEchoSpacing":0.000556,"TotalReadoutTime":0.046148,"PixelBandwidth":5952.38,"PhaseEncodingAxis":"j","SliceTiming":[0.56,1.12,0.49,1.05,0.42,0.98,0.35,0.91,0.28,0.84,0.21,0.77,0.14,0.7,0.07,0.63,0,0.56,1.12,0.49,1.05,0.42,0.98,0.35,0.91,0.28,0.84,0.21,0.77,0.14,0.7,0.07,0.63,0,0.56,1.12,0.49,1.05,0.42,0.98,0.35,0.91,0.28,0.84,0.21,0.77,0.14,0.7,0.07,0.63,0],"ImageOrientationPatientDICOM":[0.999437,0.0101981,0.0319517,-0.00369999,0.980362,-0.197171],"InPlanePhaseEncodingDirectionDICOM":"COL","ConversionSoftware":"dcm2niix","ConversionSoftwareVersion":"v1.0.20201102","NumberOfSlices":51,"NumberOfTRs":290,"SlicesPerBand":17,"NumberOfVolumesDiscardedByScanner":0,"NumberOfVolumesDiscardedByUser":0,"NumberOfNonsteadyStateVolumesInFile":4,"PhaseEncodingDirection":"j","TaskName":"FOV","OriginalFileName":"22390_16_1","InstitutionAddress":"450 Jane Stanford WAy, Stanford, CA 94305-2004, USA"}