{"acquisition_matrix":[90,90],"acquisition_number":1,"bidsinfo":{"EchoTime":0.03,"EffectiveEchoSpacing":0.000572,"NumberOfVolumesDiscardedByScanner":0,"PhaseEncodingDirection":"j","PixelBandwidth":5,"ReconMatrixPE":90,"RepetitionTime":4.1,"SliceTiming":[0,2.085965,0.07193,2.157895,0.14386,2.229825,0.215789,2.301754,0.287719,2.373684,0.359649,2.445614,0.431579,2.517544,0.503509,2.589474,0.575439,2.661404,0.647368,2.733333,0.719298,2.805263,0.791228,2.877193,0.863158,2.949123,0.935088,3.021053,1.007018,3.092982,1.078947,3.164912,1.150877,3.236842,1.222807,3.308772,1.294737,3.380702,1.366667,3.452632,1.438596,3.524561,1.510526,3.596491,1.582456,3.668421,1.654386,3.740351,1.726316,3.812281,1.798246,3.884211,1.870175,3.95614,1.942105,4.02807,2.014035],"TaskName":"SBref2.2mm","TotalReadoutTime":0.050908},"effective_echo_spacing":0.000572,"exam_datetime":"20200915 164811","exam_number":22261,"flip_angle":90,"fov":[198,198],"mecho_times":30000,"mt_offset_hz":0,"mux_cal_duration":8.2,"mux_cal_file":"","mux_cal_type":"internal","num_acquired_timepoints":3,"num_bands":1,"num_echos":1,"num_mux_cal_cycle":2,"num_mux_cal_timepoints":2,"num_mux_cal_volumes_in_nifti":2,"num_muxed_slices":57,"num_receivers":32,"num_slices":57,"num_usable_volumes_in_nifti":1,"num_volumes_in_nifti":3,"operator":"","partial_ky":1,"patient_id":"ANON22261","phase_encode_direction":1,"phase_encode_polarity":0,"phase_encode_undersample":1,"pixel_bandwidth":250,"protocol_name":"VWFA_FOV_Localizers_9.11","psd_name":"muxarcepi","receive_coil_name":"RM:Nova32ch","recon_method":"'1Dgrappa'","recon_num_virtual_coils":16,"recon_time":"2020-09-16 01:52:08.474549","recon_use_GPU":"0","recon_version":"f8d59c1","scanner_name":"","series_description":"SBref 2.2mm","series_number":5,"slice_timing":[0,2.085965,0.07193,2.157895,0.14386,2.229825,0.215789,2.301754,0.287719,2.373684,0.359649,2.445614,0.431579,2.517544,0.503509,2.589474,0.575439,2.661404,0.647368,2.733333,0.719298,2.805263,0.791228,2.877193,0.863158,2.949123,0.935088,3.021053,1.007018,3.092982,1.078947,3.164912,1.150877,3.236842,1.222807,3.308772,1.294737,3.380702,1.366667,3.452632,1.438596,3.524561,1.510526,3.596491,1.582456,3.668421,1.654386,3.740351,1.726316,3.812281,1.798246,3.884211,1.870175,3.95614,1.942105,4.02807,2.014035],"te":0.03,"ti":0,"tr":4.1,"RepetitionTime":4.1,"EchoTime":0.03,"InversionTime":0,"SliceTiming":[0,2.085965,0.07193,2.157895,0.14386,2.229825,0.215789,2.301754,0.287719,2.373684,0.359649,2.445614,0.431579,2.517544,0.503509,2.589474,0.575439,2.661404,0.647368,2.733333,0.719298,2.805263,0.791228,2.877193,0.863158,2.949123,0.935088,3.021053,1.007018,3.092982,1.078947,3.164912,1.150877,3.236842,1.222807,3.308772,1.294737,3.380702,1.366667,3.452632,1.438596,3.524561,1.510526,3.596491,1.582456,3.668421,1.654386,3.740351,1.726316,3.812281,1.798246,3.884211,1.870175,3.95614,1.942105,4.02807,2.014035],"FlipAngle":90,"MultibandAccelerationFactor":1,"EffectiveEchoSpacing":0.000572,"PhaseEncodingDirection":"j","DwellTime":0.004,"TotalReadoutTime":0.050908,"NumberOfVolumesDiscardedByScanner":0,"OriginalFileName":"22261_5_1","InstitutionName":"Stanford University","InstitutionAddress":"450 Jane Stanford WAy, Stanford, CA 94305-2004, USA","NumberOfNonsteadyStateVolumesInFile":0,"NumberOfVolumesDiscardedByUser":0}