{"Modality":"MR","MagneticFieldStrength":3,"ImagingFrequency":127.8,"Manufacturer":"GE","PulseSequenceName":"epi","InternalPulseSequenceName":"EPI","ManufacturersModelName":"SIGNA UHP","InstitutionName":"Stanford University","DeviceSerialNumber":"00000650723PSYMR","StationName":"CNIMRI","BodyPartExamined":"EXTREMITY","PatientPosition":"HFS","SoftwareVersions":"28\\LX\\MR Software release:RX28.0_R04_UHP3T_2035.a","MRAcquisitionType":"2D","SeriesDescription":"sbref","ProtocolName":"sbref","ScanningSequence":"EP\\RM","SequenceVariant":"NONE","ScanOptions":"SAT_GEMS\\MP_GEMS\\EPI_GEMS\\FS","ImageType":["ORIGINAL","PRIMARY","OTHER"],"SeriesNumber":5,"AcquisitionTime":"14:36:38.000000","AcquisitionNumber":1,"TriggerDelayTime":9961,"SliceThickness":2.4,"SpacingBetweenSlices":2.4,"SAR":0.0541057,"EchoTime":0.03,"RepetitionTime":4,"FlipAngle":62,"PhaseEncodingPolarityGE":"Flipped","CoilString":"RM:Nova32ch2","PercentPhaseFOV":100,"PercentSampling":100,"AcquisitionMatrixPE":84,"ReconMatrixPE":84,"EffectiveEchoSpacing":0.000516,"TotalReadoutTime":0.042828,"PixelBandwidth":5952.38,"PhaseEncodingDirection":"j","SliceTiming":[1.96078,3.92157,1.88235,3.84314,1.80392,3.76471,1.72549,3.68627,1.64706,3.60784,1.56863,3.52941,1.4902,3.45098,1.41176,3.37255,1.33333,3.29412,1.2549,3.21569,1.17647,3.13725,1.09804,3.05882,1.01961,2.98039,0.941177,2.90196,0.862745,2.82353,0.784314,2.7451,0.705882,2.66667,0.627451,2.58824,0.54902,2.5098,0.470588,2.43137,0.392157,2.35294,0.313725,2.27451,0.235294,2.19608,0.156863,2.11765,0.0784314,2.03922,0],"ImageOrientationPatientDICOM":[0.999908,0.0135612,-0.00025989,-0.013371,0.982306,-0.186806],"InPlanePhaseEncodingDirectionDICOM":"COL","ConversionSoftware":"dcm2niix","ConversionSoftwareVersion":"v1.0.20201102","NumberOfVolumesDiscardedByScanner":0,"NumberOfVolumesDiscardedByUser":0,"NumberOfNonsteadyStateVolumesInFile":4,"OriginalFileName":"22767_5_1","InstitutionAddress":"450 Jane Stanford WAy, Stanford, CA 94305-2004, USA"}