{"Modality":"MR","MagneticFieldStrength":3,"ImagingFrequency":127.8,"Manufacturer":"GE","PulseSequenceName":"epi","InternalPulseSequenceName":"EPI","ManufacturersModelName":"SIGNA Premier","InstitutionName":"Stanford University","DeviceSerialNumber":"00000650723PSYMR","BodyPartExamined":"EXTREMITY","PatientPosition":"HFS","SoftwareVersions":"27\\LX\\MR Software release:RX27.0_R01_1750.a","MRAcquisitionType":"2D","SeriesDescription":"SE_fieldmap_pe0","ProtocolName":"SE_fieldmap_pe0","ScanningSequence":"EP\\RM","SequenceVariant":"NONE","ScanOptions":"SAT_GEMS\\MP_GEMS\\EPI_GEMS\\FS","ImageType":["ORIGINAL","PRIMARY","OTHER"],"SeriesNumber":3,"AcquisitionTime":"18:06:16.000000","AcquisitionNumber":1,"TriggerDelayTime":12451,"SliceThickness":2.4,"SpacingBetweenSlices":2.4,"SAR":0.308061,"EchoTime":0.0517,"RepetitionTime":5,"FlipAngle":90,"CoilString":"RM:Nova32ch","PercentPhaseFOV":100,"PercentSampling":100,"AcquisitionMatrixPE":84,"ReconMatrixPE":84,"EffectiveEchoSpacing":0.00054,"TotalReadoutTime":0.04482,"PixelBandwidth":5952.38,"PhaseEncodingAxis":"j","SliceTiming":[2.45098,4.90196,2.35294,4.80392,2.2549,4.70588,2.15686,4.60784,2.05882,4.5098,1.96078,4.41176,1.86275,4.31373,1.76471,4.21569,1.66667,4.11765,1.56863,4.01961,1.47059,3.92157,1.37255,3.82353,1.27451,3.72549,1.17647,3.62745,1.07843,3.52941,0.980392,3.43137,0.882353,3.33333,0.784314,3.23529,0.686275,3.13725,0.588235,3.03922,0.490196,2.94118,0.392157,2.84314,0.294118,2.7451,0.196078,2.64706,0.0980392,2.54902,0],"ImageOrientationPatientDICOM":[0.998446,0.00227046,0.0556896,0.00191388,0.997184,-0.0749683],"InPlanePhaseEncodingDirectionDICOM":"COL","ConversionSoftware":"dcm2niix","ConversionSoftwareVersion":"v1.0.20201102","NumberOfVolumesDiscardedByScanner":0,"NumberOfVolumesDiscardedByUser":0,"NumberOfNonsteadyStateVolumesInFile":4,"PhaseEncodingDirection":"j","IntendedFor":["ses-2/func/sub-585_ses-2_task-FOV_run-1_bold.nii.gz","ses-2/func/sub-585_ses-2_task-FOV_run-2_bold.nii.gz","ses-2/func/sub-585_ses-2_task-FOV_run-3_bold.nii.gz","ses-2/func/sub-585_ses-2_task-FOV_run-4_bold.nii.gz","ses-2/func/sub-585_ses-2_task-FOV_run-5_bold.nii.gz","ses-2/func/sub-585_ses-2_task-FOV_run-6_bold.nii.gz","ses-2/func/sub-585_ses-2_task-FOV_run-7_bold.nii.gz","ses-2/func/sub-585_ses-2_task-FOV_run-8_bold.nii.gz"],"OriginalFileName":"22391_3_1","InstitutionAddress":"450 Jane Stanford WAy, Stanford, CA 94305-2004, USA"}