{"acquisition_matrix":[90,90],"acquisition_number":1,"bidsinfo":{"EchoTime":0.0572,"EffectiveEchoSpacing":0.000572,"NumberOfVolumesDiscardedByScanner":-1,"PhaseEncodingDirection":"j","PixelBandwidth":5,"ReconMatrixPE":90,"RepetitionTime":6,"SliceTiming":[0,3.052632,0.105263,3.157895,0.210526,3.263158,0.315789,3.368421,0.421053,3.473684,0.526316,3.578947,0.631579,3.684211,0.736842,3.789474,0.842105,3.894737,0.947368,4,1.052632,4.105263,1.157895,4.210526,1.263158,4.315789,1.368421,4.421053,1.473684,4.526316,1.578947,4.631579,1.684211,4.736842,1.789474,4.842105,1.894737,4.947368,2,5.052632,2.105263,5.157895,2.210526,5.263158,2.315789,5.368421,2.421053,5.473684,2.526316,5.578947,2.631579,5.684211,2.736842,5.789474,2.842105,5.894737,2.947368],"TaskName":"SEfieldmappe0","TotalReadoutTime":0.050908},"effective_echo_spacing":0.000572,"exam_datetime":"20200917 154434","exam_number":22270,"flip_angle":90,"fov":[198,198],"mecho_times":57200,"mt_offset_hz":0,"mux_cal_duration":6,"mux_cal_file":"","mux_cal_type":"internal","num_acquired_timepoints":3,"num_bands":1,"num_echos":1,"num_mux_cal_cycle":1,"num_mux_cal_timepoints":1,"num_mux_cal_volumes_in_nifti":2,"num_muxed_slices":57,"num_receivers":32,"num_slices":57,"num_usable_volumes_in_nifti":2,"num_volumes_in_nifti":4,"operator":"","partial_ky":1,"patient_id":"ANON22270","phase_encode_direction":1,"phase_encode_polarity":0,"phase_encode_undersample":1,"pixel_bandwidth":250,"protocol_name":"VWFA_FOV_Localizers_9.11","psd_name":"muxarcepi","receive_coil_name":"RM:Nova32ch","recon_method":"'1Dgrappa'","recon_num_virtual_coils":16,"recon_time":"2020-09-17 20:57:51.719050","recon_use_GPU":"0","recon_version":"f8d59c1","scanner_name":"","series_description":"SE_fieldmap_pe0","series_number":3,"slice_timing":[0,3.052632,0.105263,3.157895,0.210526,3.263158,0.315789,3.368421,0.421053,3.473684,0.526316,3.578947,0.631579,3.684211,0.736842,3.789474,0.842105,3.894737,0.947368,4,1.052632,4.105263,1.157895,4.210526,1.263158,4.315789,1.368421,4.421053,1.473684,4.526316,1.578947,4.631579,1.684211,4.736842,1.789474,4.842105,1.894737,4.947368,2,5.052632,2.105263,5.157895,2.210526,5.263158,2.315789,5.368421,2.421053,5.473684,2.526316,5.578947,2.631579,5.684211,2.736842,5.789474,2.842105,5.894737,2.947368],"te":0.0572,"ti":0,"tr":6,"RepetitionTime":6,"EchoTime":0.0572,"InversionTime":0,"SliceTiming":[0,3.052632,0.105263,3.157895,0.210526,3.263158,0.315789,3.368421,0.421053,3.473684,0.526316,3.578947,0.631579,3.684211,0.736842,3.789474,0.842105,3.894737,0.947368,4,1.052632,4.105263,1.157895,4.210526,1.263158,4.315789,1.368421,4.421053,1.473684,4.526316,1.578947,4.631579,1.684211,4.736842,1.789474,4.842105,1.894737,4.947368,2,5.052632,2.105263,5.157895,2.210526,5.263158,2.315789,5.368421,2.421053,5.473684,2.526316,5.578947,2.631579,5.684211,2.736842,5.789474,2.842105,5.894737,2.947368],"FlipAngle":90,"MultibandAccelerationFactor":1,"EffectiveEchoSpacing":0.000572,"PhaseEncodingDirection":"j","DwellTime":0.004,"TotalReadoutTime":0.050908,"IntendedFor":["ses-1/func/sub-585_ses-1_task-catLoc_run-1_bold.nii.gz","ses-1/func/sub-585_ses-1_task-catLoc_run-2_bold.nii.gz","ses-1/func/sub-585_ses-1_task-catLoc_run-3_bold.nii.gz","ses-1/func/sub-585_ses-1_task-catLoc_run-4_bold.nii.gz","ses-1/func/sub-585_ses-1_task-Retinotopy_run-1_bold.nii.gz","ses-1/func/sub-585_ses-1_task-Retinotopy_run-2_bold.nii.gz"],"OriginalFileName":"22270_3_1","InstitutionName":"Stanford University","InstitutionAddress":"450 Jane Stanford WAy, Stanford, CA 94305-2004, USA","NumberOfVolumesDiscardedByScanner":-1,"NumberOfNonsteadyStateVolumesInFile":0,"NumberOfVolumesDiscardedByUser":0,"NumberOfTRs":4,"NumberOfSlices":57,"SlicesPerBand":57}