{"Modality":"MR","MagneticFieldStrength":3,"ImagingFrequency":127.8,"Manufacturer":"GE","PulseSequenceName":"epi","InternalPulseSequenceName":"EPI","ManufacturersModelName":"SIGNA Premier","InstitutionName":"Stanford University","DeviceSerialNumber":"00000650723PSYMR","BodyPartExamined":"EXTREMITY","PatientPosition":"HFS","SoftwareVersions":"27\\LX\\MR Software release:RX27.0_R01_1750.a","MRAcquisitionType":"2D","SeriesDescription":"sbref","ProtocolName":"sbref","ScanningSequence":"EP\\RM","SequenceVariant":"NONE","ScanOptions":"SAT_GEMS\\MP_GEMS\\EPI_GEMS\\FS","ImageType":["ORIGINAL","PRIMARY","OTHER"],"SeriesNumber":5,"AcquisitionTime":"18:08:4.000000","AcquisitionNumber":1,"TriggerDelayTime":9961,"SliceThickness":2.4,"SpacingBetweenSlices":2.4,"SAR":0.054099,"EchoTime":0.03,"RepetitionTime":4,"FlipAngle":62,"CoilString":"RM:Nova32ch","PercentPhaseFOV":100,"PercentSampling":100,"AcquisitionMatrixPE":84,"ReconMatrixPE":84,"EffectiveEchoSpacing":0.00054,"TotalReadoutTime":0.04482,"PixelBandwidth":5952.38,"PhaseEncodingAxis":"j","SliceTiming":[1.96078,3.92157,1.88235,3.84314,1.80392,3.76471,1.72549,3.68627,1.64706,3.60784,1.56863,3.52941,1.4902,3.45098,1.41176,3.37255,1.33333,3.29412,1.2549,3.21569,1.17647,3.13725,1.09804,3.05882,1.01961,2.98039,0.941177,2.90196,0.862745,2.82353,0.784314,2.7451,0.705882,2.66667,0.627451,2.58824,0.54902,2.5098,0.470588,2.43137,0.392157,2.35294,0.313725,2.27451,0.235294,2.19608,0.156863,2.11765,0.0784314,2.03922,0],"ImageOrientationPatientDICOM":[0.998446,0.00227027,0.0556896,0.00191403,0.997184,-0.074968],"InPlanePhaseEncodingDirectionDICOM":"COL","ConversionSoftware":"dcm2niix","ConversionSoftwareVersion":"v1.0.20201102","NumberOfVolumesDiscardedByScanner":0,"NumberOfVolumesDiscardedByUser":0,"NumberOfNonsteadyStateVolumesInFile":4,"PhaseEncodingDirection":"j","OriginalFileName":"22391_5_1","InstitutionAddress":"450 Jane Stanford WAy, Stanford, CA 94305-2004, USA"}