{"Modality":"MR","MagneticFieldStrength":3,"ImagingFrequency":127.8,"Manufacturer":"GE","PulseSequenceName":"epi","InternalPulseSequenceName":"EPI","ManufacturersModelName":"SIGNA UHP","InstitutionName":"Stanford University","DeviceSerialNumber":"00000650723PSYMR","StationName":"CNIMRI","BodyPartExamined":"BRAIN","PatientPosition":"HFS","SoftwareVersions":"28\\LX\\MR Software release:RX28.0_R04_UHP3T_2035.a","MRAcquisitionType":"2D","SeriesDescription":"retinotopy3","ProtocolName":"retinotopy3","ScanningSequence":"EP\\RM","SequenceVariant":"NONE","ScanOptions":"SAT_GEMS\\EDR_GEMS\\MP_GEMS\\EPI_GEMS\\HYPERBAND_GEMS\\FS","ImageType":["ORIGINAL","PRIMARY","OTHER"],"SeriesNumber":12,"AcquisitionTime":"17:05:59.000000","AcquisitionNumber":1,"TriggerDelayTime":300440,"SliceThickness":2.4,"SpacingBetweenSlices":2.4,"SAR":0.100263,"EchoTime":0.03,"RepetitionTime":1.19,"FlipAngle":62,"PhaseEncodingPolarityGE":"Flipped","CoilString":"RM:Nova32ch2","MultibandAccelerationFactor":3,"PercentPhaseFOV":100,"PercentSampling":100,"AcquisitionMatrixPE":84,"ReconMatrixPE":84,"EffectiveEchoSpacing":0.000532,"TotalReadoutTime":0.044156,"PixelBandwidth":5952.38,"PhaseEncodingDirection":"j","SliceTiming":[0.56,1.12,0.49,1.05,0.42,0.98,0.35,0.91,0.28,0.84,0.21,0.77,0.14,0.7,0.07,0.63,0,0.56,1.12,0.49,1.05,0.42,0.98,0.35,0.91,0.28,0.84,0.21,0.77,0.14,0.7,0.07,0.63,0,0.56,1.12,0.49,1.05,0.42,0.98,0.35,0.91,0.28,0.84,0.21,0.77,0.14,0.7,0.07,0.63,0],"ImageOrientationPatientDICOM":[0.998978,-0.0195258,-0.0407572,0.00919799,0.970816,-0.239647],"InPlanePhaseEncodingDirectionDICOM":"COL","ConversionSoftware":"dcm2niix","ConversionSoftwareVersion":"v1.0.20201102","NumberOfSlices":51,"NumberOfTRs":253,"SlicesPerBand":17,"NumberOfVolumesDiscardedByScanner":0,"NumberOfVolumesDiscardedByUser":0,"NumberOfNonsteadyStateVolumesInFile":4,"TaskName":"Retinotopy","OriginalFileName":"22686_12_1","InstitutionAddress":"450 Jane Stanford WAy, Stanford, CA 94305-2004, USA"}