{"Modality":"MR","MagneticFieldStrength":3,"ImagingFrequency":127.8,"Manufacturer":"GE","PulseSequenceName":"epi","InternalPulseSequenceName":"EPI","ManufacturersModelName":"SIGNA UHP","InstitutionName":"Stanford University","DeviceSerialNumber":"00000650723PSYMR","StationName":"CNIMRI","BodyPartExamined":"BRAIN","PatientPosition":"HFS","SoftwareVersions":"28\\LX\\MR Software release:RX28.0_R04_UHP3T_2035.a","MRAcquisitionType":"2D","SeriesDescription":"VWFAFOV","ProtocolName":"VWFAFOV","ScanningSequence":"EP\\RM","SequenceVariant":"NONE","ScanOptions":"SAT_GEMS\\EDR_GEMS\\MP_GEMS\\EPI_GEMS\\HYPERBAND_GEMS\\FS","ImageType":["ORIGINAL","PRIMARY","OTHER"],"SeriesNumber":6,"AcquisitionTime":"16:11:49.000000","AcquisitionNumber":1,"TriggerDelayTime":344470,"SliceThickness":2.4,"SpacingBetweenSlices":2.4,"SAR":0.130191,"EchoTime":0.03,"RepetitionTime":1.19,"FlipAngle":62,"PhaseEncodingPolarityGE":"Flipped","CoilString":"RM:Nova32ch2","MultibandAccelerationFactor":3,"PercentPhaseFOV":100,"PercentSampling":100,"AcquisitionMatrixPE":84,"ReconMatrixPE":84,"EffectiveEchoSpacing":0.000532,"TotalReadoutTime":0.044156,"PixelBandwidth":5952.38,"PhaseEncodingDirection":"j","SliceTiming":[0,0.63,0.07,0.7,0.14,0.77,0.21,0.84,0.28,0.91,0.35,0.98,0.42,1.05,0.49,1.12,0.56,0,0.63,0.07,0.7,0.14,0.77,0.21,0.84,0.28,0.91,0.35,0.98,0.42,1.05,0.49,1.12,0.56,0,0.63,0.07,0.7,0.14,0.77,0.21,0.84,0.28,0.91,0.35,0.98,0.42,1.05,0.49,1.12,0.56],"ImageOrientationPatientDICOM":[0.999796,0.00072381,0.0201677,0.003196,0.981066,-0.193647],"InPlanePhaseEncodingDirectionDICOM":"COL","ConversionSoftware":"dcm2niix","ConversionSoftwareVersion":"v1.0.20201102","NumberOfSlices":51,"NumberOfTRs":290,"SlicesPerBand":17,"NumberOfVolumesDiscardedByScanner":0,"NumberOfVolumesDiscardedByUser":0,"NumberOfNonsteadyStateVolumesInFile":4,"TaskName":"FOV","OriginalFileName":"22494_6_1","InstitutionAddress":"450 Jane Stanford WAy, Stanford, CA 94305-2004, USA"}