{"Modality":"MR","MagneticFieldStrength":3,"ImagingFrequency":127.8,"Manufacturer":"GE","PulseSequenceName":"epi","InternalPulseSequenceName":"EPI","ManufacturersModelName":"SIGNA UHP","InstitutionName":"Stanford University","DeviceSerialNumber":"00000650723PSYMR","StationName":"CNIMRI","BodyPartExamined":"BRAIN","PatientPosition":"HFS","SoftwareVersions":"28\\LX\\MR Software release:RX28.0_R04_UHP3T_2035.a","MRAcquisitionType":"2D","SeriesDescription":"catLoc1","ProtocolName":"catLoc1","ScanningSequence":"EP\\RM","SequenceVariant":"NONE","ScanOptions":"SAT_GEMS\\EDR_GEMS\\MP_GEMS\\EPI_GEMS\\HYPERBAND_GEMS\\FS","ImageType":["ORIGINAL","PRIMARY","OTHER"],"SeriesNumber":6,"AcquisitionTime":"09:18:59.000000","AcquisitionNumber":1,"TriggerDelayTime":326620,"SliceThickness":2.4,"SpacingBetweenSlices":2.4,"SAR":0.115197,"EchoTime":0.03,"RepetitionTime":1.19,"FlipAngle":62,"PhaseEncodingPolarityGE":"Flipped","CoilString":"RM:Nova32ch2","MultibandAccelerationFactor":3,"PercentPhaseFOV":100,"PercentSampling":100,"AcquisitionMatrixPE":84,"ReconMatrixPE":84,"EffectiveEchoSpacing":0.000536,"TotalReadoutTime":0.044488,"PixelBandwidth":5952.38,"PhaseEncodingDirection":"j","SliceTiming":[0.56,1.12,0.49,1.05,0.42,0.98,0.35,0.91,0.28,0.84,0.21,0.77,0.14,0.7,0.07,0.63,0,0.56,1.12,0.49,1.05,0.42,0.98,0.35,0.91,0.28,0.84,0.21,0.77,0.14,0.7,0.07,0.63,0,0.56,1.12,0.49,1.05,0.42,0.98,0.35,0.91,0.28,0.84,0.21,0.77,0.14,0.7,0.07,0.63,0],"ImageOrientationPatientDICOM":[0.999952,0.00090397,0.00974417,-0,0.995725,-0.092371],"InPlanePhaseEncodingDirectionDICOM":"COL","ConversionSoftware":"dcm2niix","ConversionSoftwareVersion":"v1.0.20201102","NumberOfVolumesDiscardedByScanner":0,"NumberOfVolumesDiscardedByUser":0,"NumberOfNonsteadyStateVolumesInFile":4,"NumberOfSlices":51,"NumberOfTRs":275,"SlicesPerBand":17,"TaskName":"catLoc","OriginalFileName":"22991_6_1","InstitutionAddress":"450 Jane Stanford WAy, Stanford, CA 94305-2004, USA"}